PATH
  remote: .
  specs:
    cloudstack-nagios (0.19.0)
      cloudstack_client (~> 1.5)
      erubis (~> 2.7)
      highline (~> 1.7)
      sshkit (~> 1.14.0)
      thor (~> 0.19.4)

GEM
  remote: https://rubygems.org/
  specs:
    cloudstack_client (1.5.3)
    erubis (2.7.0)
    highline (1.7.8)
    net-scp (1.2.1)
      net-ssh (>= 2.6.5)
    net-ssh (4.1.0)
    rake (12.0.0)
    rdoc (5.1.0)
    sshkit (1.14.0)
      net-scp (>= 1.1.2)
      net-ssh (>= 2.8.0)
    thor (0.19.4)

PLATFORMS
  ruby

DEPENDENCIES
  cloudstack-nagios!
  rake (~> 12.0)
  rdoc

BUNDLED WITH
   1.13.7
